PATH
  remote: .
  specs:
    balboa_worldwide_app (2.3.2)
      ccutrer-serialport (~> 1.0)
      digest-crc (~> 0.4)
      mqtt-homeassistant (>= 1.0.3)
      mqtt-homie-homeassistant (~> 1.0, >= 1.0.5)
      net-telnet-rfc2217 (~> 1.0)
      sd_notify (~> 0.1.1)

GEM
  remote: https://rubygems.org/
  specs:
    ast (2.4.2)
    byebug (11.1.3)
    ccutrer-serialport (1.1.0)
      ffi (~> 1.9, >= 1.9.3)
    digest-crc (0.6.5)
      rake (>= 12.0.0, < 14.0.0)
    ffi (1.17.2-x86_64-linux-gnu)
    homie-mqtt (1.6.3)
      mqtt-ccutrer (~> 1.0, >= 1.0.3)
      ruby2_keywords (~> 0.0.5)
    json (2.9.1)
    language_server-protocol (3.17.0.3)
    mqtt-ccutrer (1.0.3)
    mqtt-homeassistant (1.0.3)
      json (~> 2.0)
      mqtt-ccutrer (~> 1.0, >= 1.0.3)
    mqtt-homie-homeassistant (1.0.6)
      homie-mqtt (~> 1.6)
      mqtt-homeassistant (~> 1.0, >= 1.0.3)
    net-telnet (0.2.0)
    net-telnet-rfc2217 (1.0.2)
      net-telnet (~> 0.2.0)
    parallel (1.26.3)
    parser (3.3.7.0)
      ast (~> 2.4.1)
      racc
    racc (1.8.1)
    rainbow (3.1.1)
    rake (13.2.1)
    regexp_parser (2.10.0)
    rubocop (1.70.0)
      json (~> 2.3)
      language_server-protocol (>= 3.17.0)
      parallel (~> 1.10)
      parser (>= 3.3.0.2)
      rainbow (>= 2.2.2, < 4.0)
      regexp_parser (>= 2.9.3, < 3.0)
      rubocop-ast (>= 1.36.2, < 2.0)
      ruby-progressbar (~> 1.7)
      unicode-display_width (>= 2.4.0, < 4.0)
    rubocop-ast (1.37.0)
      parser (>= 3.3.1.0)
    rubocop-inst (1.1.1)
      rubocop (~> 1.50)
      rubocop-performance (~> 1.17)
    rubocop-performance (1.23.1)
      rubocop (>= 1.48.1, < 2.0)
      rubocop-ast (>= 1.31.1, < 2.0)
    rubocop-rake (0.6.0)
      rubocop (~> 1.0)
    ruby-progressbar (1.13.0)
    ruby2_keywords (0.0.5)
    sd_notify (0.1.1)
    unicode-display_width (3.1.4)
      unicode-emoji (~> 4.0, >= 4.0.4)
    unicode-emoji (4.0.4)

PLATFORMS
  ruby

DEPENDENCIES
  balboa_worldwide_app!
  byebug (~> 11.0)
  rake (~> 13.0)
  rubocop-inst (~> 1)
  rubocop-rake (~> 0.6)

BUNDLED WITH
   2.6.9
